GIT
  remote: git://github.com/sonic45132/TransmissionApi.git
  revision: 86f73c35665485461900eededabacd33670f9cda
  branch: master
  specs:
    transmission_api (0.0.13)
      httparty (= 0.9.0)

GEM
  remote: https://rubygems.org/
  specs:
    httparty (0.9.0)
      multi_json (~> 1.0)
      multi_xml
    multi_json (1.11.2)
    multi_xml (0.5.5)
    rack (1.6.4)
    rack-protection (1.5.3)
      rack
    sass (3.4.22)
    sinatra (1.4.7)
      rack (~> 1.5)
      rack-protection (~> 1.4)
      tilt (>= 1.3, < 3)
    tilt (2.0.2)

PLATFORMS
  ruby

DEPENDENCIES
  sass (~> 3.4, >= 3.4.21)
  sinatra (~> 1.4, >= 1.4.6)
  transmission_api!

BUNDLED WITH
   1.11.2
